GEM
  remote: http://rubygems.org/
  specs:
    bpm (1.0.0)
      eventmachine (~> 1.0.0.beta.4)
      execjs (~> 1.2.4)
      gemcutter (~> 0.6.1)
      highline (~> 1.6.1)
      json_pure (~> 1.4.6)
      libgems (~> 0.1.3)
      sprockets (~> 2.0.0)
      thin (~> 1.2)
      thor (~> 0.14.3)
    chunky_png (1.2.5)
    compass (0.12.1)
      chunky_png (~> 1.2)
      fssm (>= 0.2.7)
      sass (~> 3.1)
    daemons (1.1.8)
    eventmachine (1.0.0.beta.4)
    execjs (1.2.13)
      multi_json (~> 1.0)
    fssm (0.2.9)
    gemcutter (0.6.1)
    highline (1.6.11)
    hike (1.2.1)
    json_pure (1.4.6)
    libgems (0.1.3)
    multi_json (1.2.0)
    rack (1.4.1)
    sass (3.1.15)
    sprockets (2.0.3)
      hike (~> 1.2)
      rack (~> 1.0)
      tilt (~> 1.1, != 1.3.0)
    thin (1.3.1)
      daemons (>= 1.0.9)
      eventmachine (>= 0.12.6)
      rack (>= 1.0.0)
    thor (0.14.6)
    tilt (1.3.3)

PLATFORMS
  ruby

DEPENDENCIES
  bpm
  compass
